GEM
  remote: https://rubygems.org/
  specs:
    chunky_png (1.3.3)
    fast-stemmer (1.0.2)
    gnuplot (2.6.2)
    minitest (5.5.1)
    narray (0.6.1.1)
    pca (0.2.0)
      rb-gsl
    rb-gsl (1.16.0.4)
      narray (>= 0.5.9)
    stopwords-filter (0.3.1)

PLATFORMS
  ruby

DEPENDENCIES
  chunky_png
  fast-stemmer
  gnuplot
  minitest
  narray (~> 0.6)
  pca
  stopwords-filter
